GEM
  remote: https://rubygems.org/
  specs:
    motion-speech (0.1.1)
    rake (10.4.2)

PLATFORMS
  ruby

DEPENDENCIES
  motion-speech
  rake
