GEM
  remote: https://rubygems.org/
  specs:
    motion-speech (0.1.1)
    rake (12.3.1)

PLATFORMS
  ruby

DEPENDENCIES
  motion-speech
  rake

BUNDLED WITH
   1.16.2
